PATH
  remote: .
  specs:
    layer-identity_token (0.0.2)
      jwt (~> 1.4, >= 1.4.1)

GEM
  remote: https://rubygems.org/
  specs:
    coderay (1.1.1)
    jwt (1.5.6)
    method_source (0.8.2)
    pry (0.10.4)
      coderay (~> 1.1.0)
      method_source (~> 0.8.1)
      slop (~> 3.4)
    rake (0.9.6)
    slop (3.6.0)

PLATFORMS
  ruby

DEPENDENCIES
  bundler (~> 1.3)
  layer-identity_token!
  pry (~> 0)
  rake (~> 0)

BUNDLED WITH
   1.14.6
